GEM
  remote: http://rubygems.org/
  specs:
    mechanize (1.0.0)
      nokogiri (>= 1.2.1)
    nokogiri (1.4.4)
    parallel (0.5.3)

PLATFORMS
  ruby

DEPENDENCIES
  mechanize
  parallel
